GEM
  remote: http://ruby.taobao.org/
  specs:
    activesupport (4.1.1)
      i18n (~> 0.6, >= 0.6.9)
      json (~> 1.7, >= 1.7.7)
      minitest (~> 5.1)
      thread_safe (~> 0.1)
      tzinfo (~> 1.1)
    elasticsearch (1.0.1)
      elasticsearch-api (= 1.0.1)
      elasticsearch-transport (= 1.0.1)
    elasticsearch-api (1.0.1)
      multi_json
    elasticsearch-transport (1.0.1)
      faraday
      multi_json
    faraday (0.9.0)
      multipart-post (>= 1.2, < 3)
    hashie (2.1.1)
    i18n (0.6.9)
    jbuilder (2.0.7)
      activesupport (>= 3.0.0, < 5)
      multi_json (~> 1.2)
    json (1.8.1)
    minitest (5.3.3)
    multi_json (1.10.0)
    multipart-post (2.0.0)
    thor (0.19.1)
    thread_safe (0.3.3)
    thrift (0.9.1)
    tzinfo (1.1.0)
      thread_safe (~> 0.1)
    zookeeper (1.4.8)

PLATFORMS
  ruby

DEPENDENCIES
  elasticsearch
  hashie
  jbuilder
  json
  thor
  thrift
  zookeeper
